PATH
  remote: .
  specs:
    ghi (0.3.2)

GEM
  remote: http://rubygems.org/
  specs:
    rspec (1.3.2)

PLATFORMS
  ruby

DEPENDENCIES
  ghi!
  rspec (< 2.0)
